PATH
  remote: .
  specs:
    flakes-rails (1.0.0)

GEM
  remote: https://rubygems.org/
  specs:
    rake (10.4.2)

PLATFORMS
  ruby

DEPENDENCIES
  flakes-rails!
  rake
